GEM
  remote: http://rubygems.org/
  specs:
    builder (3.0.0)
    expression_parser (0.9.0)
    mysql2 (0.3.11)
    pandoc-ruby (0.5.0)
    wikicloth (0.8.0)
      builder
      expression_parser

PLATFORMS
  ruby

DEPENDENCIES
  mysql2
  pandoc-ruby
  wikicloth
